ObjectType = Image
NDims = 3
BinaryData = True
BinaryDataByteOrderMSB = False
CompressedData = False
TransformMatrix = 1 0 0 0 1 0 0 0 1
Offset = 0 0 -99.75
CenterOfRotation = 0 0 0
ElementSpacing = 200 200 0.5
DimSize = 1 1 400
AnatomicalOrientation = ???
ElementType = MET_FLOAT
ElementDataFile = output-carbon-Edep.raw
