ObjectType = Image
NDims = 3
BinaryData = True
BinaryDataByteOrderMSB = False
CompressedData = False
TransformMatrix = 1 0 0 0 1 0 0 0 1
Offset = 0 0 0
CenterOfRotation = 0 0 0
ElementSpacing = 2 2 2
DimSize = 128 128 113
AnatomicalOrientation = ???
ElementType = MET_FLOAT
ElementDataFile = patient-2mm-labeled-RV.raw
