ObjectType = Image
NDims = 3
BinaryData = True
BinaryDataByteOrderMSB = False
CompressedData = False
TransformMatrix = 1 0 0 0 1 0 0 0 1
Offset = -148 -148 -148
CenterOfRotation = 0 0 0
ElementSpacing = 4 4 4
DimSize = 75 75 75
AnatomicalOrientation = ???
ElementType = MET_FLOAT
ElementDataFile = dose-Edep.raw
