ObjectType = Image
NDims = 3
BinaryData = True
BinaryDataByteOrderMSB = False
CompressedData = False
TransformMatrix = 1 0 0 0 1 0 0 0 1
Offset = -95 -95 -95
CenterOfRotation = 0 0 0
ElementSpacing = 10 10 10
DimSize = 20 20 20
AnatomicalOrientation = ???
ElementType = MET_FLOAT
ElementDataFile = carbon-3d-Edep-Uncertainty.raw
