ObjectType = Image
NDims = 3
BinaryData = True
BinaryDataByteOrderMSB = False
CompressedData = False
TransformMatrix = 1 0 0 0 1 0 0 0 1
Offset = -199.95 0 -199.95
CenterOfRotation = 0 0 0
ElementSpacing = 0.1 400 0.1
DimSize = 4000 1 4000
AnatomicalOrientation = ???
ElementType = MET_FLOAT
ElementDataFile = doseInXZ-Dose.raw
