ObjectType = Image
NDims = 3
BinaryData = True
BinaryDataByteOrderMSB = False
CompressedData = False
TransformMatrix = 1 0 0 0 1 0 0 0 1
Offset = 0 0 0
CenterOfRotation = 0 0 0
ElementSpacing = 5 5 5
DimSize = 10 10 10
AnatomicalOrientation = ???
ElementType = MET_CHAR
ElementDataFile = water_box.raw
